GEM
  remote: https://rubygems.org/
  specs:
    addressable (2.3.5)
    coderay (1.1.0)
    heel (3.1.3)
      coderay (~> 1.1)
      launchy (~> 2.3)
      mime-types (~> 1.25)
      puma (~> 2.0)
    launchy (2.4.2)
      addressable (~> 2.3)
    liquid (2.5.1)
    mime-types (1.25.1)
    psych (2.0.0)
    puma (2.7.1)
      rack (>= 1.1, < 2.0)
    rack (1.5.2)
    rack-protection (1.5.0)
      rack
    sequel (4.1.1)
    sinatra (1.4.3)
      rack (~> 1.4)
      rack-protection (~> 1.4)
      tilt (~> 1.3, >= 1.3.4)
    tilt (1.4.1)

PLATFORMS
  ruby

DEPENDENCIES
  heel (~> 3.1.3)
  liquid (~> 2.5.1)
  psych (~> 2.0.0)
  sequel (~> 4.1.1)
  sinatra (~> 1.4.3)
